GEM
  remote: https://rubygems.org/
  specs:
    awesome_print (1.6.1)
    gemcutter (0.7.1)
    httparty (0.13.3)
      json (~> 1.8)
      multi_xml (>= 0.5.2)
    httpclient (2.6.0.1)
    json (1.8.2)
    mime-types (2.4.3)
    mini_portile (0.6.2)
    multi_json (1.10.1)
    multi_xml (0.5.5)
    multipart-post (2.0.0)
    netrc (0.10.2)
    nokogiri (1.6.6.1)
      mini_portile (~> 0.6.0)
    oauth (0.4.7)
    progressbar (0.21.0)
    rest-client (1.7.2)
      mime-types (>= 1.16, < 3.0)
      netrc (~> 0.7)
    viddl-rb (1.0.8)
      multi_json (~> 1.10.0)
      nokogiri (~> 1.6.0)
      progressbar (~> 0.21)
      rest-client
    vimeo (1.5.4)
      httparty (>= 0.4.5)
      httpclient (>= 2.1.5.2)
      json (>= 1.1.9)
      multipart-post (>= 1.0.1)
      oauth (>= 0.4.3)

PLATFORMS
  ruby

DEPENDENCIES
  awesome_print
  gemcutter (~> 0.7.1)
  viddl-rb
  vimeo
