GEM
  remote: https://rubygems.org/
  specs:
    activemodel (4.2.0)
      activesupport (= 4.2.0)
      builder (~> 3.1)
    activerecord (4.2.0)
      activemodel (= 4.2.0)
      activesupport (= 4.2.0)
      arel (~> 6.0)
    activesupport (4.2.0)
      i18n (~> 0.7)
      json (~> 1.7, >= 1.7.7)
      minitest (~> 5.1)
      thread_safe (~> 0.3, >= 0.3.4)
      tzinfo (~> 1.1)
    arel (6.0.0)
    awesome_print (1.6.1)
    builder (3.1.4)
    childprocess (0.5.5)
      ffi (~> 1.0, >= 1.0.11)
    echonest-ruby-api (0.7.0)
      httparty
      multi_json
    ffi (1.9.6)
    gemcutter (0.7.1)
    httparty (0.13.3)
      json (~> 1.8)
      multi_xml (>= 0.5.2)
    httpclient (2.6.0.1)
    i18n (0.7.0)
    json (1.8.2)
    mime-types (2.4.3)
    mini_portile (0.6.2)
    minitest (5.5.1)
    multi_json (1.10.1)
    multi_xml (0.5.5)
    multipart-post (2.0.0)
    mysql2 (0.3.17)
    netrc (0.10.2)
    nokogiri (1.6.6.2)
      mini_portile (~> 0.6.0)
    oauth (0.4.7)
    progressbar (0.21.0)
    rake (10.4.2)
    rest-client (1.7.2)
      mime-types (>= 1.16, < 3.0)
      netrc (~> 0.7)
    rubyzip (1.1.7)
    selenium-webdriver (2.44.0)
      childprocess (~> 0.5)
      multi_json (~> 1.0)
      rubyzip (~> 1.0)
      websocket (~> 1.0)
    thread_safe (0.3.4)
    tzinfo (1.2.2)
      thread_safe (~> 0.1)
    viddl-rb (1.1.0)
      multi_json (~> 1.10.0)
      nokogiri (~> 1.6.0)
      progressbar (~> 0.21)
      rest-client
    vimeo (1.5.4)
      httparty (>= 0.4.5)
      httpclient (>= 2.1.5.2)
      json (>= 1.1.9)
      multipart-post (>= 1.0.1)
      oauth (>= 0.4.3)
    watir-webdriver (0.6.11)
      selenium-webdriver (>= 2.18.0)
    websocket (1.2.1)

PLATFORMS
  ruby

DEPENDENCIES
  activerecord
  awesome_print
  builder (~> 3.1.0)
  echonest-ruby-api
  gemcutter (~> 0.7.1)
  mysql2
  nokogiri
  rake
  viddl-rb
  vimeo
  watir-webdriver
